GEM
  remote: http://rubygems.org/
  specs:
    nokogiri (1.5.0)
    rack (1.4.0)
    rack-client (0.4.0)
      rack (>= 1.0.0)
    rack-protection (1.2.0)
      rack
    sinatra (1.3.2)
      rack (~> 1.3, >= 1.3.6)
      rack-protection (~> 1.2)
      tilt (~> 1.3, >= 1.3.3)
    tilt (1.3.3)

PLATFORMS
  ruby

DEPENDENCIES
  nokogiri
  rack-client
  sinatra
